PATH
  remote: .
  specs:
    netbout (0.0.0)
      backtrace (~> 0.3)
      iri
      json (~> 2.2)
      openssl (>= 1.0)
      rainbow (~> 3.0)
      typhoeus (~> 1.3)

GEM
  remote: https://rubygems.org/
  specs:
    addressable (2.8.7)
      public_suffix (>= 2.0.2, < 7.0)
    ast (2.4.3)
    backtrace (0.4.0)
    bigdecimal (3.1.9)
    crack (1.0.0)
      bigdecimal
      rexml
    date (3.4.1)
    docile (1.4.1)
    ethon (0.16.0)
      ffi (>= 1.15.0)
    ffi (1.17.1-arm64-darwin)
    ffi (1.17.1-x64-mingw-ucrt)
    ffi (1.17.1-x86_64-linux-gnu)
    hashdiff (1.1.2)
    iri (0.10.0)
    json (2.10.2)
    language_server-protocol (3.17.0.4)
    minitest (5.25.5)
    openssl (3.3.0)
    parallel (1.26.3)
    parser (3.3.7.2)
      ast (~> 2.4.1)
      racc
    psych (5.2.3)
      date
      stringio
    public_suffix (6.0.1)
    racc (1.8.1)
    rainbow (3.1.1)
    rake (13.1.0)
    rdoc (6.6.2)
      psych (>= 4.0.0)
    regexp_parser (2.10.0)
    rexml (3.4.1)
    rubocop (1.60.2)
      json (~> 2.3)
      language_server-protocol (>= 3.17.0)
      parallel (~> 1.10)
      parser (>= 3.3.0.2)
      rainbow (>= 2.2.2, < 4.0)
      regexp_parser (>= 1.8, < 3.0)
      rexml (>= 3.2.5, < 4.0)
      rubocop-ast (>= 1.30.0, < 2.0)
      ruby-progressbar (~> 1.7)
      unicode-display_width (>= 2.4.0, < 3.0)
    rubocop-ast (1.41.0)
      parser (>= 3.3.7.2)
    rubocop-minitest (0.34.5)
      rubocop (>= 1.39, < 2.0)
      rubocop-ast (>= 1.30.0, < 2.0)
    rubocop-performance (1.23.1)
      rubocop (>= 1.48.1, < 2.0)
      rubocop-ast (>= 1.31.1, < 2.0)
    rubocop-rake (0.6.0)
      rubocop (~> 1.0)
    rubocop-rspec (3.0.0)
      rubocop (~> 1.40)
    ruby-progressbar (1.13.0)
    simplecov (0.22.0)
      docile (~> 1.1)
      simplecov-html (~> 0.11)
      simplecov_json_formatter (~> 0.1)
    simplecov-html (0.13.1)
    simplecov_json_formatter (0.1.4)
    stringio (3.1.5)
    typhoeus (1.4.1)
      ethon (>= 0.9.0)
    unicode-display_width (2.6.0)
    webmock (3.20.0)
      addressable (>= 2.8.0)
      crack (>= 0.3.2)
      hashdiff (>= 0.4.0, < 2.0.0)

PLATFORMS
  arm64-darwin-22
  arm64-darwin-23
  arm64-darwin-24
  x64-mingw-ucrt
  x86_64-linux

DEPENDENCIES
  minitest (= 5.25.5)
  netbout!
  rake (= 13.1.0)
  rdoc (= 6.6.2)
  rubocop (= 1.60.2)
  rubocop-minitest (> 0)
  rubocop-performance (> 0)
  rubocop-rake (> 0)
  rubocop-rspec (> 0)
  simplecov (= 0.22.0)
  webmock (= 3.20.0)

BUNDLED WITH
   2.5.16
